GEM
  remote: https://rubygems.org/
  specs:
    concurrent-ruby (1.1.8)
    et-orbi (1.2.4)
      tzinfo
    fugit (1.4.2)
      et-orbi (~> 1.1, >= 1.1.8)
      raabro (~> 1.4)
    httparty (0.18.1)
      mime-types (~> 3.0)
      multi_xml (>= 0.5.2)
    mime-types (3.3.1)
      mime-types-data (~> 3.2015)
    mime-types-data (3.2021.0225)
    multi_xml (0.6.0)
    nokogiri (1.11.1-x64-mingw32)
      racc (~> 1.4)
    raabro (1.4.0)
    racc (1.5.2)
    rufus-scheduler (3.7.0)
      fugit (~> 1.1, >= 1.1.6)
    tzinfo (2.0.4)
      concurrent-ruby (~> 1.0)
    tzinfo-data (1.2021.1)
      tzinfo (>= 1.0.0)

PLATFORMS
  x64-mingw32

DEPENDENCIES
  httparty (~> 0.18.1)
  nokogiri (~> 1.11, >= 1.11.1)
  rufus-scheduler (~> 3.7)
  tzinfo-data

BUNDLED WITH
   2.1.4
